GEM
  remote: http://rubygems.org/
  specs:
    actionmailer (2.2.2)
      actionpack (= 2.2.2)
    actionpack (2.2.2)
      activesupport (= 2.2.2)
    activerecord (2.2.2)
      activesupport (= 2.2.2)
    activeresource (2.2.2)
      activesupport (= 2.2.2)
    activesupport (2.2.2)
    paperclip (2.3.8)
      activerecord
      activesupport
    rails (2.2.2)
      actionmailer (= 2.2.2)
      actionpack (= 2.2.2)
      activerecord (= 2.2.2)
      activeresource (= 2.2.2)
      activesupport (= 2.2.2)
      rake (>= 0.8.3)
    rake (0.9.2.2)
    sqlite3 (1.3.5)

PLATFORMS
  ruby

DEPENDENCIES
  paperclip
  rails (= 2.2.2)
  sqlite3
